GIT
  remote: git@github.com:blazingcloud/capybara-firebug.git
  revision: 1883865620bc3222a7ee7bddd7c87667ce4ae620
  specs:
    capybara-firebug (0.0.3)
      capybara (~> 0.4.1.2)

GIT
  remote: git@github.com:jenmei/capybara.git
  revision: d4a66431526791a91e0f05acfdfb090494d4b389
  branch: tmp
  specs:
    capybara (0.4.1.2)
      mime-types (>= 1.16)
      nokogiri (>= 1.3.3)
      rack (>= 1.0.0)
      rack-test (>= 0.5.4)
      selenium-webdriver (>= 0.0.27)
      xpath (~> 0.1.3)

GEM
  remote: http://rubygems.org/
  specs:
    childprocess (0.1.8)
      ffi (~> 1.0.6)
    cmdparse (2.0.3)
    columnize (0.3.2)
    diff-lcs (1.1.2)
    ffi (1.0.7)
      rake (>= 0.8.7)
    highline (1.6.1)
    json (1.5.1)
    json_pure (1.5.1)
    linecache (0.43)
    mime-types (1.16)
    net-ssh (2.1.3)
    net-ssh-gateway (1.0.1)
      net-ssh (>= 1.99.1)
    nokogiri (1.4.4)
    rack (1.2.2)
    rack-test (0.5.7)
      rack (>= 1.0)
    rake (0.8.7)
    rest-client (1.6.1)
      mime-types (>= 1.16)
    rspec (2.5.0)
      rspec-core (~> 2.5.0)
      rspec-expectations (~> 2.5.0)
      rspec-mocks (~> 2.5.0)
    rspec-core (2.5.1)
    rspec-expectations (2.5.0)
      diff-lcs (~> 1.1.2)
    rspec-mocks (2.5.0)
    ruby-debug (0.10.4)
      columnize (>= 0.1)
      ruby-debug-base (~> 0.10.4.0)
    ruby-debug-base (0.10.4)
      linecache (>= 0.3)
    rubyzip (0.9.4)
    sauce (0.18.1)
      childprocess (>= 0.1.6)
      cmdparse (>= 2.0.2)
      highline (>= 1.5.0)
      json (>= 1.2.0)
      net-ssh
      net-ssh-gateway
      rest-client
      selenium-webdriver (>= 0.1.2)
    selenium-webdriver (0.1.4)
      childprocess (>= 0.1.7)
      ffi (>= 1.0.7)
      json_pure
      rubyzip
    xpath (0.1.3)
      nokogiri (~> 1.3)

PLATFORMS
  ruby

DEPENDENCIES
  capybara!
  capybara-firebug!
  rspec (~> 2.5.0)
  ruby-debug (~> 0.10.4)
  sauce (~> 0.18.1)
